GEM
  remote: http://rubygems.org/
  specs:
    builder (3.0.0)
    chunky_png (1.2.5)
    compass (0.11.7)
      chunky_png (~> 1.2)
      fssm (>= 0.2.7)
      sass (~> 3.1)
    cucumber (1.2.0)
      builder (>= 2.1.2)
      diff-lcs (>= 1.1.3)
      gherkin (~> 2.10.0)
      json (>= 1.4.6)
    diff-lcs (1.1.3)
    fssm (0.2.9)
    gherkin (2.10.0)
      json (>= 1.4.6)
    git (1.2.5)
    haml (3.1.6)
    jeweler (1.8.4)
      bundler (~> 1.0)
      git (>= 1.2.5)
      rake
      rdoc
    json (1.7.3)
    nokogiri (1.5.9)
    rack (1.4.1)
    rake (10.0.4)
    rdoc (4.0.1)
      json (~> 1.4)
    rspec (2.5.0)
      rspec-core (~> 2.5.0)
      rspec-expectations (~> 2.5.0)
      rspec-mocks (~> 2.5.0)
    rspec-core (2.5.2)
    rspec-expectations (2.5.0)
      diff-lcs (~> 1.1.2)
    rspec-mocks (2.5.0)
    sass (3.1.18)
    staticmatic (0.11.1)
      compass (>= 0.10.0)
      haml (>= 2.0.0)
      rack (>= 1.0)
    yard (0.7.5)

PLATFORMS
  ruby

DEPENDENCIES
  bundler (~> 1.3.5)
  compass (~> 0.11.7)
  cucumber (~> 1.2.0)
  haml
  jeweler (~> 1.8.4)
  nokogiri (~> 1.5.9)
  rspec (~> 2.5.0)
  staticmatic
  yard (~> 0.7.4)
